PATH
  remote: /Users/aanand/src/do_notation
  specs:
    do_notation (0.3.0)
      sourcify

GEM
  remote: http://rubygems.org/
  specs:
    addressable (2.2.6)
    blankslate (2.1.2.4)
    bluecloth (2.1.0)
    file-tail (1.0.7)
      tins (~> 0.3)
    gli (1.3.5)
    heroku (2.7.0)
      launchy (>= 0.3.2)
      rest-client (~> 1.6.1)
      rubyzip
      term-ansicolor (~> 1.0.5)
    json (1.5.3)
    launchy (2.0.5)
      addressable (~> 2.2.6)
    mime-types (1.16)
    nokogiri (1.5.0)
    parslet (1.2.3)
      blankslate (~> 2.0)
    rack (1.3.5)
    rest-client (1.6.7)
      mime-types (>= 1.16)
    ruby2ruby (1.3.1)
      ruby_parser (~> 2.0)
      sexp_processor (~> 3.0)
    ruby_parser (2.3.1)
      sexp_processor (~> 3.0)
    rubyzip (0.9.4)
    sexp_processor (3.0.7)
    showoff (0.7.0)
      bluecloth
      gli (>= 1.3.2)
      json
      nokogiri
      parslet
      sinatra
    sinatra (1.2.6)
      rack (~> 1.1)
      tilt (>= 1.2.2, < 2.0)
    sourcify (0.5.0)
      file-tail (>= 1.0.5)
      ruby2ruby (>= 1.2.5)
      ruby_parser (>= 2.0.5)
      sexp_processor (>= 3.0.5)
    term-ansicolor (1.0.6)
    tilt (1.3.3)
    tins (0.3.2)

PLATFORMS
  ruby

DEPENDENCIES
  bluecloth
  do_notation!
  gli
  heroku
  nokogiri
  showoff
