PATH
  remote: /Users/aanand/src/do_notation
  specs:
    do_notation (0.3.0)
      sourcify

GEM
  remote: http://rubygems.org/
  specs:
    file-tail (1.0.7)
      tins (~> 0.3)
    ruby2ruby (1.3.1)
      ruby_parser (~> 2.0)
      sexp_processor (~> 3.0)
    ruby_parser (2.3.1)
      sexp_processor (~> 3.0)
    sexp_processor (3.0.7)
    sourcify (0.5.0)
      file-tail (>= 1.0.5)
      ruby2ruby (>= 1.2.5)
      ruby_parser (>= 2.0.5)
      sexp_processor (>= 3.0.5)
    tins (0.3.2)

PLATFORMS
  ruby

DEPENDENCIES
  do_notation!
